PATH
  remote: .
  specs:
    blank-tweet (0.0.1)
      oauth
      sinatra
      string-pad
      twitter (~> 5.13.0)

GEM
  remote: https://rubygems.org/
  specs:
    addressable (2.8.6)
      public_suffix (>= 2.0.2, < 6.0)
    base64 (0.2.0)
    buftok (0.2.0)
    equalizer (0.0.11)
    faraday (0.9.2)
      multipart-post (>= 1.2, < 3)
    hashie (5.0.0)
    http (0.6.4)
      http_parser.rb (~> 0.6.0)
    http_parser.rb (0.6.0)
    json (1.8.6)
    memoizable (0.4.2)
      thread_safe (~> 0.3, >= 0.3.1)
    multipart-post (2.1.1)
    mustermann (3.0.0)
      ruby2_keywords (~> 0.0.1)
    naught (1.1.0)
    oauth (1.1.0)
      oauth-tty (~> 1.0, >= 1.0.1)
      snaky_hash (~> 2.0)
      version_gem (~> 1.1)
    oauth-tty (1.0.5)
      version_gem (~> 1.1, >= 1.1.1)
    public_suffix (5.0.4)
    rack (3.0.9.1)
    rack-protection (4.0.0)
      base64 (>= 0.1.0)
      rack (>= 3.0.0, < 4)
    rack-session (2.0.0)
      rack (>= 3.0.0)
    rake (13.0.1)
    ruby2_keywords (0.0.5)
    simple_oauth (0.3.1)
    sinatra (4.0.0)
      mustermann (~> 3.0)
      rack (>= 3.0.0, < 4)
      rack-protection (= 4.0.0)
      rack-session (>= 2.0.0, < 3)
      tilt (~> 2.0)
    snaky_hash (2.0.1)
      hashie
      version_gem (~> 1.1, >= 1.1.1)
    string-pad (0.0.2)
    thread_safe (0.3.6)
    tilt (2.3.0)
    twitter (5.13.0)
      addressable (~> 2.3)
      buftok (~> 0.2.0)
      equalizer (~> 0.0.9)
      faraday (~> 0.9.0)
      http (~> 0.6.0)
      http_parser.rb (~> 0.6.0)
      json (~> 1.8)
      memoizable (~> 0.4.0)
      naught (~> 1.0)
      simple_oauth (~> 0.3.0)
    version_gem (1.1.3)

PLATFORMS
  ruby

DEPENDENCIES
  blank-tweet!
  bundler (~> 2.1.4)
  rake (~> 13.0)

BUNDLED WITH
   2.1.4
